GIT
  remote: git@github.com:amandawraymond/bypass.git
  revision: 4e7eaf328681faa76ad862ceac8404f8da926c3d
  specs:
    bypass (0.0.7)
      addressable (~> 2.0)
      nokogiri (~> 1.5)

GEM
  remote: https://rubygems.org/
  specs:
    actionmailer (4.2.2)
      actionpack (= 4.2.2)
      actionview (= 4.2.2)
      activejob (= 4.2.2)
      mail (~> 2.5, >= 2.5.4)
      rails-dom-testing (~> 1.0, >= 1.0.5)
    actionpack (4.2.2)
      actionview (= 4.2.2)
      activesupport (= 4.2.2)
      rack (~> 1.6)
      rack-test (~> 0.6.2)
      rails-dom-testing (~> 1.0, >= 1.0.5)
      rails-html-sanitizer (~> 1.0, >= 1.0.1)
    actionview (4.2.2)
      activesupport (= 4.2.2)
      builder (~> 3.1)
      erubis (~> 2.7.0)
      rails-dom-testing (~> 1.0, >= 1.0.5)
      rails-html-sanitizer (~> 1.0, >= 1.0.1)
    activejob (4.2.2)
      activesupport (= 4.2.2)
      globalid (>= 0.3.0)
    activemodel (4.2.2)
      activesupport (= 4.2.2)
      builder (~> 3.1)
    activerecord (4.2.2)
      activemodel (= 4.2.2)
      activesupport (= 4.2.2)
      arel (~> 6.0)
    activesupport (4.2.2)
      i18n (~> 0.7)
      json (~> 1.7, >= 1.7.7)
      minitest (~> 5.1)
      thread_safe (~> 0.3, >= 0.3.4)
      tzinfo (~> 1.1)
    addressable (2.5.2)
      public_suffix (>= 2.0.2, < 4.0)
    angular-rails-templates (0.1.3)
      railties (>= 3.1)
      sprockets
      tilt
    arel (6.0.0)
    autoprefixer-rails (5.1.9)
      execjs
      json
    binding_of_caller (0.7.3.pre1)
      debug_inspector (>= 0.0.1)
    bootstrap-sass (3.3.5.1)
      autoprefixer-rails (>= 5.0.0.1)
      sass (>= 3.3.0)
    bootstrap_form (2.2.0)
    bower-rails (0.9.2)
    builder (3.2.2)
    byebug (9.1.0)
    debug_inspector (0.0.2)
    diff-lcs (1.2.5)
    erubis (2.7.0)
    execjs (2.2.1)
    factory_girl (4.4.0)
      activesupport (>= 3.0.0)
    globalid (0.3.5)
      activesupport (>= 4.1.0)
    hike (1.2.3)
    i18n (0.7.0)
    jbuilder (2.1.3)
      activesupport (>= 3.0.0, < 5)
      multi_json (~> 1.2)
    jquery-rails (3.1.2)
      railties (>= 3.0, < 5.0)
      thor (>= 0.14, < 2.0)
    json (1.8.3)
    loofah (2.0.2)
      nokogiri (>= 1.5.9)
    mail (2.6.3)
      mime-types (>= 1.16, < 3)
    mime-types (2.6.1)
    mini_portile (0.6.2)
    minitest (5.7.0)
    multi_json (1.11.1)
    ng-rails-csrf (0.1.0)
    nokogiri (1.6.6.2)
      mini_portile (~> 0.6.0)
    pg (0.17.1)
    public_suffix (3.0.0)
    rack (1.6.4)
    rack-rewrite (1.5.1)
    rack-test (0.6.3)
      rack (>= 1.0)
    rails (4.2.2)
      actionmailer (= 4.2.2)
      actionpack (= 4.2.2)
      actionview (= 4.2.2)
      activejob (= 4.2.2)
      activemodel (= 4.2.2)
      activerecord (= 4.2.2)
      activesupport (= 4.2.2)
      bundler (>= 1.3.0, < 2.0)
      railties (= 4.2.2)
      sprockets-rails
    rails-deprecated_sanitizer (1.0.3)
      activesupport (>= 4.2.0.alpha)
    rails-dom-testing (1.0.6)
      activesupport (>= 4.2.0.beta, < 5.0)
      nokogiri (~> 1.6.0)
      rails-deprecated_sanitizer (>= 1.0.1)
    rails-html-sanitizer (1.0.2)
      loofah (~> 2.0)
    rails_12factor (0.0.2)
      rails_serve_static_assets
      rails_stdout_logging
    rails_serve_static_assets (0.0.2)
    rails_stdout_logging (0.0.3)
    railties (4.2.2)
      actionpack (= 4.2.2)
      activesupport (= 4.2.2)
      rake (>= 0.8.7)
      thor (>= 0.18.1, < 2.0)
    rake (10.4.2)
    redcarpet (3.4.0)
    responders (2.0.0)
      railties (>= 4.2.0.alpha, < 5)
    rspec (3.1.0)
      rspec-core (~> 3.1.0)
      rspec-expectations (~> 3.1.0)
      rspec-mocks (~> 3.1.0)
    rspec-core (3.1.7)
      rspec-support (~> 3.1.0)
    rspec-expectations (3.1.2)
      diff-lcs (>= 1.2.0, < 2.0)
      rspec-support (~> 3.1.0)
    rspec-mocks (3.1.3)
      rspec-support (~> 3.1.0)
    rspec-rails (3.1.0)
      actionpack (>= 3.0)
      activesupport (>= 3.0)
      railties (>= 3.0)
      rspec-core (~> 3.1.0)
      rspec-expectations (~> 3.1.0)
      rspec-mocks (~> 3.1.0)
      rspec-support (~> 3.1.0)
    rspec-support (3.1.2)
    sass (3.4.3)
    sass-rails (5.0.0.beta1)
      railties (>= 4.0.0, < 5.0)
      sass (~> 3.2)
      sprockets (~> 2.12)
      sprockets-rails (>= 2.0, < 4.0)
    spring (1.1.3)
    sprockets (2.12.3)
      hike (~> 1.2)
      multi_json (~> 1.0)
      rack (~> 1.0)
      tilt (~> 1.1, != 1.3.0)
    sprockets-rails (2.3.2)
      actionpack (>= 3.0)
      activesupport (>= 3.0)
      sprockets (>= 2.8, < 4.0)
    teaspoon (0.8.0)
      railties (>= 3.2.5, < 5)
    thor (0.19.1)
    thread_safe (0.3.5)
    tilt (1.4.1)
    tzinfo (1.2.2)
      thread_safe (~> 0.1)
    uglifier (2.5.3)
      execjs (>= 0.3.0)
      json (>= 1.8.0)
    web-console (2.0.0.beta3)
      activemodel (~> 4.0)
      binding_of_caller (= 0.7.3.pre1)
      railties (~> 4.0)
      sprockets-rails (>= 2.0, < 4.0)

PLATFORMS
  ruby

DEPENDENCIES
  angular-rails-templates
  autoprefixer-rails
  bootstrap-sass (~> 3.3.0)
  bootstrap_form
  bower-rails
  byebug
  bypass!
  factory_girl
  jbuilder (~> 2.0)
  jquery-rails
  ng-rails-csrf
  pg
  rack-rewrite
  rails (= 4.2.2)
  rails-html-sanitizer (~> 1.0)
  rails_12factor
  rails_serve_static_assets
  rails_stdout_logging
  redcarpet (~> 3.4.0)
  responders
  rspec
  rspec-rails
  sass-rails
  spring
  teaspoon
  uglifier (>= 1.3.0)
  web-console (~> 2.0.0.beta2)

RUBY VERSION
   ruby 2.2.3p173

BUNDLED WITH
   1.15.4
